GEM
  remote: https://rubygems.org/
  specs:
    mysql2 (0.5.5)
    webrick (1.8.1)

PLATFORMS
  arm64-darwin-22
  x86_64-linux

DEPENDENCIES
  mysql2 (~> 0.5.5)
  webrick

BUNDLED WITH
   2.4.22
